##TITLE= Parameter file, TopSpin 3.6.2
##JCAMPDX= 5.0
##DATATYPE= Parameter Values
##NPOINTS= 20417	$$ modification sequence number
##ORIGIN= Bruker BioSpin GmbH
##OWNER= nmr
$$ 2021-09-17 09:06:16.535 +0200  nmrsu@2UA6060M4C
$$ C:/Bruker/TopSpin3.6.2/conf/instr/spect/specpar
$$ process C:\Bruker\TopSpin3.6.2\prog\mod\hconfserver.exe
##$HPPRECH= (0..15)
-1 -1 -1 -1 -1 -1 -1 -1 -1 -1 -1 -1 -1 -1 -1 -1
##$HPSELECT= no
##$NUC1= 1
##$NUC2= 10
##$NUC3= 0
##$NUC4= 0
##$NUC5= 0
##$NUC6= 0
##$NUC7= 0
##$NUC8= 0
##$NUCARR= (0..123)
499.8 499.8 76.722343 533.106542 380.744826 73.550998 194.241257 70.230961
53.696803 160.355702 125.67481 36.104977 50.644294 67.755172 470.281867
39.455691 132.206596 30.595932 130.232181 99.296201 202.322749 38.364648
48.969949 40.762314 23.322532 12.801402 33.636685 121.410152 28.176395
28.183907 49.831604 131.462134 28.251175 123.896512 16.182414 118.587916
44.662383 132.524334 141.961658 31.271501 119.958767 152.422527 17.434598
85.578825 95.319422 26.078175 125.219792 134.978577 19.230305 48.255405
163.536829 21.660442 24.49119 46.462897 122.331898 32.571596 33.255168
112.496613 23.016545 25.796522 15.925862 22.871348 20.230999 23.258358
106.034969 110.921489 109.285043 109.51932 163.528308 178.09003 186.378579
119.605024 64.770167 130.796371 157.685745 99.997415 138.99531 41.203117
65.554478 49.652416 55.542414 65.945111 70.599954 153.03876 27.2391 16.79328
20.84166 17.19312 124.25028 54.87804 15.34386 20.14194 120.15192 17.19312
24.09036 106.65732 14.39424 41.43342 87.461531 24.095358 56.997192 40.638738
20.026986 12.579966 59.924021 20.823602 112.577951 113.712497 11.40709
38.811469 8.586564 9.351258 107.440926 8.641542 89.518288 33.044692 285.501754
288.303822 104.561154 80.314301 9.203317 100 100 100
##$NUCOFFS= (0..127)
<2H> <11B> <1H> <27Al> <23Na> <31P> <13C> <15N> <195Pt> <19F> <3H> <89Y>
<14N> <17O> <29Si> <87Sr> <87Rb> <109Ag> <> <> <> <> <> <> <> <> <> <>
<> <> <> <> <> <> <> <> <> <> <> <> <> <> <> <> <> <> <> <> <> <> <> <>
<> <> <> <> <> <> <> <> <> <> <> <> <> <> <> <> <> <> <> <> <> <> <> <>
<> <> <> <> <> <> <> <> <> <> <> <> <> <> <> <> <> <> <> <> <> <> <> <>
<> <> <> <> <> <> <> <> <> <> <> <> <> <> <> <> <> <> <> <> <> <> <> <>
<> <> <> <>
##$OFFS= (0..127)
0 0 0 0 0 0 0 0 0 0 0 0 0 0 0 0 0 0 0 0 0 0 0 0 0 0 0 0 0 0 0 0 0 0 0 0
0 0 0 0 0 0 0 0 0 0 0 0 0 0 0 0 0 0 0 0 0 0 0 0 0 0 0 0 0 0 0 0 0 0 0 0
0 0 0 0 0 0 0 0 0 0 0 0 0 0 0 0 0 0 0 0 0 0 0 0 0 0 0 0 0 0 0 0 0 0 0 0
0 0 0 0 0 0 0 0 0 0 0 0 0 0 0 0 0 0 0 0
##$OFFSF= (0..7)
0 0 0 0 0 0 0 0
##$OFFSH= (0..7)
2948.80000001285 1721.8 0 0 0 0 0 0
##$OFFSX= (0..7)
-9485.69999999904 3850.7 0 0 0 0 0 0
##$PRECHAN= (0..15)
-1 1 -1 0 -1 2 -1 -1 -1 -1 -1 -1 -1 -1 -1 -1
##$RECPRE= (0..15)
-1 0 -1 -1 -1 -1 -1 -1 -1 -1 -1 -1 -1 -1 -1 -1
##$RECPRFX= (0..15)
1 0 0 0 0 0 0 0 0 0 0 0 0 0 0 0
##$RECSEL= (0..15)
0 0 0 1 0 0 0 0 0 0 0 0 0 0 0 0
##$SELREC= (0..9)
0 0 0 0 0 0 0 0 0 0
##$SFO1= 499.802499
##$SFO2= 125.67481
##$SFO3= 499.8
##$SFO4= 499.803087
##$SFO5= 499.803087
##$SFO6= 499.803087
##$SFO7= 499.803087
##$SFO8= 499.803087
##END=
